GEM
  remote: http://rubygems.org/
  specs:
    haml (3.0.25)
    rack (1.2.2)
    sequel (3.23.0)
    shotgun (0.9)
      rack (>= 1.0)
    sinatra (1.2.2)
      rack (~> 1.1)
      tilt (>= 1.2.2, < 2.0)
    sinatra-sequel (0.9.0)
      sequel (>= 3.2.0)
      sinatra (>= 0.9.4)
    sqlite3 (1.3.3)
    tilt (1.3.1)

PLATFORMS
  ruby

DEPENDENCIES
  haml
  shotgun
  sinatra
  sinatra-sequel
  sqlite3
